GEM
  remote: https://rubygems.org/
  specs:
    motion-gradle (2.0.1)
    rake (10.4.2)

PLATFORMS
  ruby

DEPENDENCIES
  motion-gradle
  rake

BUNDLED WITH
   1.11.2
